GEM
  remote: https://rubygems.org/
  specs:
    daemons (1.1.9)
    eventmachine (1.0.3)
    execjs (2.0.2)
    json (1.8.0)
    multi_json (1.8.1)
    rack (1.5.2)
    rack-protection (1.5.0)
      rack
    rack-test (0.6.2)
      rack (>= 1.0)
    sass (3.2.12)
    sequel (4.3.0)
    sinatra (1.4.3)
      rack (~> 1.4)
      rack-protection (~> 1.4)
      tilt (~> 1.3, >= 1.3.4)
    slim (2.0.1)
      temple (~> 0.6.6)
      tilt (>= 1.3.3, < 2.1)
    sqlite3 (1.3.8)
    temple (0.6.7)
    thin (1.6.0)
      daemons (>= 1.0.9)
      eventmachine (>= 1.0.0)
      rack (>= 1.5.0)
    tilt (1.4.1)
    uglifier (2.2.1)
      execjs (>= 0.3.0)
      multi_json (~> 1.0, >= 1.0.2)

PLATFORMS
  ruby

DEPENDENCIES
  json (~> 1.8)
  rack-test (~> 0.6)
  sass (~> 3.2)
  sequel (~> 4.3)
  sinatra (= 1.4.3)
  slim (~> 2.0)
  sqlite3 (~> 1.3)
  thin (~> 1.6)
  uglifier (~> 2.2)
